PATH
  remote: .
  specs:
    reality-core (1.8.0)

GEM
  remote: https://rubygems.org/
  specs:
    minitest (5.9.1)
    power_assert (1.0.2)
    rake (0.9.2.2)
    test-unit (3.1.5)
      power_assert

PLATFORMS
  ruby

DEPENDENCIES
  minitest (= 5.9.1)
  rake (= 0.9.2.2)
  reality-core!
  test-unit (= 3.1.5)

BUNDLED WITH
   1.15.3
